STORAGE: NONE
RESTRICTION: == net7.0
NUGET
  remote: https://api.nuget.org/v3/index.json
    coverlet.collector (6.0)
    FSharp.Core (7.0.400)
    Giraffe (6.2)
      FSharp.Core (>= 6.0)
      Giraffe.ViewEngine (>= 1.4)
      Microsoft.IO.RecyclableMemoryStream (>= 2.2.1)
      Newtonsoft.Json (>= 13.0.3)
      System.Text.Json (>= 7.0.3)
    Giraffe.ViewEngine (1.4)
      FSharp.Core (>= 5.0)
    Microsoft.CodeCoverage (17.7.1)
    Microsoft.IO.RecyclableMemoryStream (2.3.2)
    Microsoft.NET.Test.Sdk (17.7.1)
      Microsoft.CodeCoverage (>= 17.7.1)
      Microsoft.TestPlatform.TestHost (>= 17.7.1)
    Microsoft.NETCore.Platforms (7.0.4)
    Microsoft.TestPlatform.ObjectModel (17.7.1)
      NuGet.Frameworks (>= 6.5)
      System.Reflection.Metadata (>= 1.6)
    Microsoft.TestPlatform.TestHost (17.7.1)
      Microsoft.TestPlatform.ObjectModel (>= 17.7.1)
      Newtonsoft.Json (>= 13.0.1)
    NETStandard.Library (2.0.3)
      Microsoft.NETCore.Platforms (>= 1.1)
    Newtonsoft.Json (13.0.3)
    NuGet.Frameworks (6.7)
    System.Collections.Immutable (7.0)
    System.Reflection.Metadata (7.0.2)
      System.Collections.Immutable (>= 7.0)
    System.Text.Encodings.Web (7.0)
    System.Text.Json (7.0.3)
      System.Text.Encodings.Web (>= 7.0)
    xunit (2.5)
      xunit.analyzers (>= 1.2)
      xunit.assert (>= 2.5)
      xunit.core (2.5)
    xunit.abstractions (2.0.3)
    xunit.analyzers (1.2)
    xunit.assert (2.5)
      NETStandard.Library (>= 1.6.1)
    xunit.core (2.5)
      xunit.extensibility.core (2.5)
      xunit.extensibility.execution (2.5)
    xunit.extensibility.core (2.5)
      NETStandard.Library (>= 1.6.1)
      xunit.abstractions (>= 2.0.3)
    xunit.extensibility.execution (2.5)
      NETStandard.Library (>= 1.6.1)
      xunit.extensibility.core (2.5)
    xunit.runner.visualstudio (2.5)
